NUGET
  remote: https://www.nuget.org/api/v2
    FAKE (4.55)
    FsCheck (2.0.1)
      FSharp.Core (>= 3.1.2.1)
    FSharp.Compiler.Service (0.0.90)
    FSharp.Core (3.1.2.1)
    FSharp.Formatting (2.9.8)
      FSharp.Compiler.Service (>= 0.0.87)
      FSharpVSPowerTools.Core (1.8)
    FSharpVSPowerTools.Core (1.8)
      FSharp.Compiler.Service (>= 0.0.87)
    Microsoft.Bcl (1.1.10) - framework: net10, net11, net20, net30, net35, net40, net40-full
      Microsoft.Bcl.Build (>= 1.0.14)
    Microsoft.Bcl.Build (1.0.21) - import_targets: false, framework: net10, net11, net20, net30, net35, net40, net40-full
    Microsoft.Net.Http (2.2.29) - framework: net10, net11, net20, net30, net35, net40, net40-full
      Microsoft.Bcl (>= 1.1.10)
      Microsoft.Bcl.Build (>= 1.0.14)
    NUnit (2.6.4)
    NUnit.Runners (2.6.4)
    Octokit (0.24)
      Microsoft.Net.Http  - framework: net10, net11, net20, net30, net35, net40, net40-full
    Unquote (3.0)
GITHUB
  remote: fsharp/FAKE
    modules/Octokit/Octokit.fsx (d67516367361a02ae7836744e8396040ed5e4b22)
      Octokit (>= 0.20)